GEM
  remote: http://rubygems.org/
  specs:
    activemodel (4.2.7.1)
      activesupport (= 4.2.7.1)
      builder (~> 3.1)
    activesupport (4.2.7.1)
      i18n (~> 0.7)
      json (~> 1.7, >= 1.7.7)
      minitest (~> 5.1)
      thread_safe (~> 0.3, >= 0.3.4)
      tzinfo (~> 1.1)
    addressable (2.5.0)
      public_suffix (~> 2.0, >= 2.0.2)
    ast (2.3.0)
    astrolabe (1.3.1)
      parser (~> 2.2)
    axiom-types (0.1.1)
      descendants_tracker (~> 0.0.4)
      ice_nine (~> 0.11.0)
      thread_safe (~> 0.3, >= 0.3.1)
    bson (4.2.1)
    builder (3.2.3)
    capybara (2.12.0)
      addressable
      mime-types (>= 1.16)
      nokogiri (>= 1.3.3)
      rack (>= 1.0.0)
      rack-test (>= 0.5.4)
      xpath (~> 2.0)
    celluloid (0.17.3)
      celluloid-essentials
      celluloid-extras
      celluloid-fsm
      celluloid-pool
      celluloid-supervision
      timers (>= 4.1.1)
    celluloid-essentials (0.20.5)
      timers (>= 4.1.1)
    celluloid-extras (0.20.5)
      timers (>= 4.1.1)
    celluloid-fsm (0.20.5)
      timers (>= 4.1.1)
    celluloid-io (0.17.3)
      celluloid (>= 0.17.2)
      nio4r (>= 1.1)
      timers (>= 4.1.1)
    celluloid-pool (0.20.5)
      timers (>= 4.1.1)
    celluloid-supervision (0.20.6)
      timers (>= 4.1.1)
    childprocess (0.6.1)
      ffi (~> 1.0, >= 1.0.11)
    coercible (1.0.0)
      descendants_tracker (~> 0.0.1)
    crack (0.4.3)
      safe_yaml (~> 1.0.0)
    database_cleaner (1.5.3)
    descendants_tracker (0.0.4)
      thread_safe (~> 0.3, >= 0.3.1)
    diff-lcs (1.3)
    equalizer (0.0.11)
    excon (0.55.0)
    fabrication (2.16.0)
    faker (1.7.3)
      i18n (~> 0.5)
    faraday (0.9.2)
      multipart-post (>= 1.2, < 3)
    faraday-digestauth (0.2.1)
      faraday (~> 0.7)
      net-http-digest_auth (~> 1.4)
    faraday_hal_middleware (0.0.1)
      faraday_middleware (>= 0.9, < 0.10)
    faraday_middleware (0.9.2)
      faraday (>= 0.7.4, < 0.10)
    faraday_middleware-parse_oj (0.3.1)
      faraday (~> 0.9)
      faraday_middleware (>= 0.9.1, < 1.0)
      oj (~> 2.0)
    ffi (1.9.17)
    foreman (0.83.0)
      thor (~> 0.19.1)
    futuroscope (0.1.11)
    giphy (3.0.0)
      faraday (~> 0.9)
      faraday_middleware (~> 0.9)
      faraday_middleware-parse_oj (~> 0.3)
      launchy (~> 2.4)
    gli (2.15.0)
    grape (0.19.1)
      activesupport
      builder
      hashie (>= 2.1.0)
      multi_json (>= 1.3.2)
      multi_xml (>= 0.5.2)
      mustermann-grape (~> 0.4.0)
      rack (>= 1.3.0)
      rack-accept
      virtus (>= 1.0.0)
    grape-roar (0.3.0)
      grape
      roar (>= 1.0)
    grape-swagger (0.26.1)
      grape (>= 0.16.2)
    hashdiff (0.3.2)
    hashie (3.5.1)
    heroku (3.43.16)
      heroku-api (= 0.4.2)
      launchy (= 2.4.3)
      multi_json (= 1.11.2)
      net-ssh (= 2.9.2)
      net-ssh-gateway (= 1.2.0)
      netrc (= 0.10.3)
      rest-client (= 1.6.8)
      rubyzip (= 1.1.7)
    heroku-api (0.4.2)
      excon (~> 0.45)
      multi_json (~> 1.8)
    hitimes (1.2.4)
    hyperclient (0.8.2)
      faraday
      faraday-digestauth
      faraday_hal_middleware
      faraday_middleware
      futuroscope
      net-http-digest_auth
      uri_template
    i18n (0.7.0)
    ice_nine (0.11.2)
    json (1.8.6)
    kaminari-core (1.0.1)
    kaminari-grape (1.0.1)
      grape
      kaminari-core (~> 1.0)
    kaminari-mongoid (1.0.1)
      kaminari-core (~> 1.0)
      mongoid
    kgio (2.11.0)
    launchy (2.4.3)
      addressable (~> 2.3)
    mime-types (1.25.1)
    mini_portile2 (2.1.0)
    minitest (5.10.1)
    money (6.8.1)
      i18n (>= 0.6.4, <= 0.7.0)
      sixarm_ruby_unaccent (>= 1.1.1, < 2)
    money_helper (1.0.0)
      activesupport (~> 4)
      money (~> 6.5)
    mongo (2.4.1)
      bson (>= 4.2.1, < 5.0.0)
    mongoid (5.2.0)
      activemodel (~> 4.0)
      mongo (>= 2.4.1, < 3.0.0)
      origin (~> 2.3)
      tzinfo (>= 0.3.37)
    mongoid-compatibility (0.4.1)
      activesupport
      mongoid (>= 2.0)
    mongoid-scroll (0.3.5)
      i18n
      mongoid (>= 3.0)
      mongoid-compatibility
    mongoid-shell (0.4.3)
      i18n
      mongoid (>= 3.0.0)
      mongoid-compatibility
    multi_json (1.11.2)
    multi_xml (0.6.0)
    multipart-post (2.0.0)
    mustermann (0.4.0)
      tool (~> 0.2)
    mustermann-grape (0.4.0)
      mustermann (= 0.4.0)
    net-http-digest_auth (1.4.1)
    net-ssh (2.9.2)
    net-ssh-gateway (1.2.0)
      net-ssh (>= 2.6.5)
    netrc (0.10.3)
    newrelic_rpm (3.18.1.330)
    nio4r (2.0.0)
    nokogiri (1.7.0.1)
      mini_portile2 (~> 2.1.0)
    oj (2.18.1)
    origin (2.3.0)
    parser (2.4.0.0)
      ast (~> 2.2)
    powerpack (0.1.1)
    public_suffix (2.0.5)
    rack (2.0.1)
    rack-accept (0.4.5)
      rack (>= 0.4)
    rack-cors (0.4.1)
    rack-rewrite (1.5.1)
    rack-robotz (0.0.4)
      rack
    rack-server-pages (0.1.0)
      rack
    rack-test (0.6.3)
      rack (>= 1.0)
    rainbow (2.2.1)
    raindrops (0.17.0)
    rake (10.5.0)
    rdoc (5.0.0)
    representable (2.3.0)
      uber (~> 0.0.7)
    rest-client (1.6.8)
      mime-types (~> 1.16)
      rdoc (>= 2.4.2)
    roar (1.0.4)
      representable (>= 2.0.1, < 2.4.0)
    rspec (3.5.0)
      rspec-core (~> 3.5.0)
      rspec-expectations (~> 3.5.0)
      rspec-mocks (~> 3.5.0)
    rspec-core (3.5.4)
      rspec-support (~> 3.5.0)
    rspec-expectations (3.5.0)
      diff-lcs (>= 1.2.0, < 2.0)
      rspec-support (~> 3.5.0)
    rspec-mocks (3.5.0)
      diff-lcs (>= 1.2.0, < 2.0)
      rspec-support (~> 3.5.0)
    rspec-support (3.5.0)
    rubocop (0.35.1)
      astrolabe (~> 1.3)
      parser (>= 2.2.3.0, < 3.0)
      powerpack (~> 0.1)
      rainbow (>= 1.99.1, < 3.0)
      ruby-progressbar (~> 1.7)
      tins (<= 1.6.0)
    ruby-progressbar (1.8.1)
    rubyzip (1.1.7)
    safe_yaml (1.0.4)
    selenium-webdriver (2.53.4)
      childprocess (~> 0.5)
      rubyzip (~> 1.0)
      websocket (~> 1.0)
    sixarm_ruby_unaccent (1.1.1)
    slack-ruby-bot (0.10.0)
      hashie
      slack-ruby-client (>= 0.6.0)
    slack-ruby-bot-server (0.5.0)
      celluloid-io
      foreman
      grape
      grape-roar
      grape-swagger
      kaminari-grape
      kaminari-mongoid
      mongoid
      mongoid-scroll
      rack-cors
      rack-rewrite
      rack-server-pages
      roar (~> 1.0.4)
      slack-ruby-bot
      unicorn
    slack-ruby-client (0.7.9)
      activesupport
      faraday (>= 0.9)
      faraday_middleware
      gli
      hashie
      json
      websocket-driver
    stripe (1.58.0)
      rest-client (>= 1.4, < 4.0)
    thor (0.19.4)
    thread_safe (0.3.5)
    timers (4.1.2)
      hitimes
    tins (1.6.0)
    tool (0.2.3)
    tzinfo (1.2.2)
      thread_safe (~> 0.1)
    uber (0.0.15)
    unicorn (5.2.0)
      kgio (~> 2.6)
      raindrops (~> 0.7)
    uri_template (0.7.0)
    vcr (3.0.3)
    virtus (1.0.5)
      axiom-types (~> 0.1)
      coercible (~> 1.0)
      descendants_tracker (~> 0.0, >= 0.0.3)
      equalizer (~> 0.0, >= 0.0.9)
    wannabe_bool (0.6.0)
    webmock (2.3.2)
      addressable (>= 2.3.6)
      crack (>= 0.3.2)
      hashdiff
    websocket (1.2.4)
    websocket-driver (0.6.5)
      websocket-extensions (>= 0.1.0)
    websocket-extensions (0.1.2)
    xpath (2.0.0)
      nokogiri (~> 1.3)
    yahoo-finance (1.2.1)
      json

PLATFORMS
  ruby

DEPENDENCIES
  capybara
  database_cleaner
  fabrication
  faker
  foreman
  giphy
  heroku
  hyperclient
  money
  money_helper
  mongoid-shell
  newrelic_rpm
  rack-robotz
  rack-server-pages
  rack-test
  rake (~> 10.4)
  rspec
  rubocop (= 0.35.1)
  selenium-webdriver (~> 2.53.4)
  slack-ruby-bot-server
  slack-ruby-client
  stripe
  vcr
  wannabe_bool
  webmock
  yahoo-finance

RUBY VERSION
   ruby 2.3.1p112

BUNDLED WITH
   1.14.0
